GEM
  remote: http://rubygems.org/
  specs:
    httparty (0.8.1)
      multi_json
      multi_xml
    link_header (0.0.5)
    multi_json (1.0.3)
    multi_xml (0.4.1)
    octocat_herder (0.1.3)
      httparty (~> 0.8.0)
      link_header (~> 0.0.5)

PLATFORMS
  ruby

DEPENDENCIES
  octocat_herder (~> 0.1)
